GEM
  remote: https://rubygems.org/
  specs:
    httpclient (2.3.2)

PLATFORMS
  ruby

DEPENDENCIES
  httpclient
